PATH
  remote: .
  specs:
    bundler-download (1.1.0)
      bundler (>= 2.0.0, < 3.0.0)
      download (>= 1.1.0, < 2.0.0)
      httparty (>= 0.18.1, < 2.0.0)
      os (>= 1.1.1, < 2.0.0)
      tty-progressbar (>= 0.17.0, < 2.0.0)

GEM
  remote: https://rubygems.org/
  specs:
    addressable (2.7.0)
      public_suffix (>= 2.0.2, < 5.0)
    array_include_methods (1.0.2)
    awesome_print (1.8.0)
    builder (3.2.4)
    descendants_tracker (0.0.4)
      thread_safe (~> 0.3, >= 0.3.1)
    diff-lcs (1.4.4)
    docile (1.3.2)
    download (1.1.0)
    equatable (0.6.1)
    facets (3.1.0)
    faraday (0.9.2)
      multipart-post (>= 1.2, < 3)
    git (1.7.0)
      rchardet (~> 1.8)
    git-glimmer (1.7.0)
      rchardet (~> 1.8)
    github_api (0.11.3)
      addressable (~> 2.3)
      descendants_tracker (~> 0.0.1)
      faraday (~> 0.8, < 0.10)
      hashie (>= 1.2)
      multi_json (>= 1.7.5, < 2.0)
      nokogiri (~> 1.6.0)
      oauth2
    glimmer (1.0.0)
      array_include_methods (>= 1.0.2, < 2.0.0)
      facets (>= 3.1.0, < 4.0.0)
    glimmer-cw-browser-chromium (1.0.0)
      bundler-download
      glimmer-dsl-swt (>= 4.17.1.0, < 5.0.0.0)
    glimmer-dsl-swt (4.17.1.0)
      git-glimmer (= 1.7.0)
      glimmer (~> 1.0.0)
      jeweler (>= 2.0.0, < 3.0.0)
      logging (>= 2.3.0, < 3.0.0)
      nested_inherited_jruby_include_package (~> 0.3.0)
      os (>= 1.0.0, < 2.0.0)
      puts_debuggerer (~> 0.10.1)
      rake (>= 10.1.0, < 14.0.0)
      rake-tui (>= 0.2.1)
      rdoc (>= 6.2.1, < 7.0.0)
      super_module (~> 1.4.1)
      text-table (>= 1.2.4, < 2.0.0)
      tty-markdown (>= 0.6.0, < 2.0.0)
      warbler (>= 2.0.5, < 3.0.0)
    hashie (4.1.0)
    highline (2.0.3)
    httparty (0.18.1)
      mime-types (~> 3.0)
      multi_xml (>= 0.5.2)
    jeweler (2.3.5)
      builder
      bundler (>= 1.0)
      git (>= 1.2.5)
      github_api (~> 0.11.0)
      highline (>= 1.6.15)
      nokogiri (>= 1.5.10)
      psych (~> 2.2)
      rake
      rdoc
      semver2
    jruby-jars (9.2.13.0)
    jruby-rack (1.1.21)
    jwt (2.2.2)
    kramdown (1.16.2)
    little-plugger (1.1.4)
    logging (2.3.0)
      little-plugger (~> 1.1)
      multi_json (~> 1.14)
    method_source (1.0.0)
    mime-types (3.3.1)
      mime-types-data (~> 3.2015)
    mime-types-data (3.2020.0512)
    mini_portile2 (2.1.0)
    multi_json (1.15.0)
    multi_xml (0.6.0)
    multipart-post (2.1.1)
    necromancer (0.5.1)
    nested_inherited_jruby_include_package (0.3.0)
    nokogiri (1.6.8.1)
      mini_portile2 (~> 2.1.0)
    oauth2 (1.4.4)
      faraday (>= 0.8, < 2.0)
      jwt (>= 1.0, < 3.0)
      multi_json (~> 1.3)
      multi_xml (~> 0.5)
      rack (>= 1.2, < 3)
    os (1.1.1)
    pastel (0.7.4)
      equatable (~> 0.6)
      tty-color (~> 0.5)
    pessimize (0.4.0)
      bundler
      trollop
    psych (2.2.4)
    public_suffix (4.0.6)
    puts_debuggerer (0.10.1)
      awesome_print (~> 1.8.0)
    rack (2.2.3)
    rake (13.0.1)
    rake-tui (0.2.1)
      tty-prompt
    rchardet (1.8.0)
    rdoc (6.2.1)
    rouge (3.23.0)
    rspec (3.5.0)
      rspec-core (~> 3.5.0)
      rspec-expectations (~> 3.5.0)
      rspec-mocks (~> 3.5.0)
    rspec-core (3.5.4)
      rspec-support (~> 3.5.0)
    rspec-expectations (3.5.0)
      diff-lcs (>= 1.2.0, < 2.0)
      rspec-support (~> 3.5.0)
    rspec-mocks (3.5.0)
      diff-lcs (>= 1.2.0, < 2.0)
      rspec-support (~> 3.5.0)
    rspec-support (3.5.0)
    rubyzip (1.3.0)
    semver2 (3.4.2)
    simplecov (0.19.0)
      docile (~> 1.1)
      simplecov-html (~> 0.11)
    simplecov-html (0.12.2)
    strings (0.1.8)
      strings-ansi (~> 0.1)
      unicode-display_width (~> 1.5)
      unicode_utils (~> 1.4)
    strings-ansi (0.1.0)
    super_module (1.4.1)
      method_source (>= 0.8.2, < 1.1.0)
    text-table (1.2.4)
    thread_safe (0.3.6)
    trollop (2.9.10)
    tty-color (0.5.2)
    tty-cursor (0.7.1)
    tty-markdown (0.6.0)
      kramdown (~> 1.16.2)
      pastel (~> 0.7.2)
      rouge (~> 3.3)
      strings (~> 0.1.4)
      tty-color (~> 0.4)
      tty-screen (~> 0.6)
    tty-progressbar (0.17.0)
      strings-ansi (~> 0.1.0)
      tty-cursor (~> 0.7)
      tty-screen (~> 0.7)
      unicode-display_width (~> 1.6)
    tty-prompt (0.21.0)
      necromancer (~> 0.5.0)
      pastel (~> 0.7.0)
      tty-reader (~> 0.7.0)
    tty-reader (0.7.0)
      tty-cursor (~> 0.7)
      tty-screen (~> 0.7)
      wisper (~> 2.0.0)
    tty-screen (0.8.1)
    unicode-display_width (1.7.0)
    unicode_utils (1.4.0)
    warbler (2.0.5)
      jruby-jars (>= 9.0.0.0)
      jruby-rack (>= 1.1.1, < 1.3)
      rake (>= 10.1.0)
      rubyzip (~> 1.0, < 1.4)
    wisper (2.0.1)

PLATFORMS
  ruby

DEPENDENCIES
  bundler (>= 2.0.0, < 3.0.0)
  bundler-download!
  download (>= 1.1.0, < 2.0.0)
  glimmer-cw-browser-chromium
  glimmer-dsl-swt
  httparty (>= 0.18.1, < 2.0.0)
  jeweler (>= 2.3.5)
  os (>= 1.1.1, < 2.0.0)
  pessimize
  puts_debuggerer
  rake-tui
  rspec (~> 3.5.0)
  simplecov
  tty-progressbar (>= 0.17.0, < 2.0.0)

BUNDLED WITH
   2.1.4
